GEM
  remote: https://rubygems.org/
  specs:
    base64 (0.2.0)
    cgi (0.4.1)
    csv (3.3.0)
    erb (4.0.4)
      cgi (>= 0.3.3)
    ffi (1.17.0-aarch64-linux-gnu)
    ffi (1.17.0-arm-linux-gnu)
    ffi (1.17.0-arm64-darwin)
    ffi (1.17.0-x86-linux-gnu)
    ffi (1.17.0-x86_64-darwin)
    ffi (1.17.0-x86_64-linux-gnu)
    ffi-libc (0.1.1)
      ffi (~> 1.0)
    libkeycloak (1.0.1)
      ffi (~> 1.17)
      ffi-libc (~> 0.1)
    mustermann (3.0.2)
      ruby2_keywords (~> 0.0.1)
    nio4r (2.7.3)
    puma (6.4.2)
      nio4r (~> 2.0)
    rack (3.1.7)
    rack-protection (4.0.0)
      base64 (>= 0.1.0)
      rack (>= 3.0.0, < 4)
    rack-session (2.0.0)
      rack (>= 3.0.0)
    rackup (2.1.0)
      rack (>= 3)
      webrick (~> 1.8)
    ruby-filemagic (0.7.3)
    ruby2_keywords (0.0.5)
    sinatra (4.0.0)
      mustermann (~> 3.0)
      rack (>= 3.0.0, < 4)
      rack-protection (= 4.0.0)
      rack-session (>= 2.0.0, < 3)
      tilt (~> 2.0)
    tilt (2.4.0)
    webrick (1.8.1)

PLATFORMS
  aarch64-linux
  arm-linux
  arm64-darwin
  x86-linux
  x86_64-darwin
  x86_64-linux

DEPENDENCIES
  csv
  erb
  libkeycloak
  puma
  rackup
  ruby-filemagic
  sinatra

BUNDLED WITH
   2.5.10
