GEM
  remote: https://rubygems.org/
  specs:
    base64 (0.2.0)
    cgi (0.4.1)
    csv (3.3.0)
    erb (4.0.4)
      cgi (>= 0.3.3)
    mustermann (3.0.2)
      ruby2_keywords (~> 0.0.1)
    nio4r (2.7.3)
    pg (1.5.8)
    puma (6.4.2)
      nio4r (~> 2.0)
    rack (3.1.7)
    rack-protection (4.0.0)
      base64 (>= 0.1.0)
      rack (>= 3.0.0, < 4)
    rack-session (2.0.0)
      rack (>= 3.0.0)
    rackup (2.1.0)
      rack (>= 3)
      webrick (~> 1.8)
    ruby-filemagic (0.7.3)
    ruby2_keywords (0.0.5)
    sem_version (2.0.1)
    sinatra (4.0.0)
      mustermann (~> 3.0)
      rack (>= 3.0.0, < 4)
      rack-protection (= 4.0.0)
      rack-session (>= 2.0.0, < 3)
      tilt (~> 2.0)
    tilt (2.4.0)
    webrick (1.8.1)

PLATFORMS
  aarch64-linux
  arm-linux
  arm64-darwin
  x86-linux
  x86_64-darwin
  x86_64-linux

DEPENDENCIES
  csv
  erb
  pg
  puma
  rackup
  ruby-filemagic
  sem_version
  sinatra

BUNDLED WITH
   2.5.10
