GEM
  remote: https://rubygems.org/
  specs:
    base64 (0.2.0)
    cgi (0.4.1)
    concurrent-ruby (1.3.4)
    concurrent-ruby-edge (0.7.1)
      concurrent-ruby (~> 1.3)
    concurrent-ruby-ext (1.3.4)
      concurrent-ruby (= 1.3.4)
    csv (3.3.0)
    erb (4.0.4)
      cgi (>= 0.3.3)
    et-orbi (1.2.11)
      tzinfo
    fugit (1.11.1)
      et-orbi (~> 1, >= 1.2.11)
      raabro (~> 1.4)
    mustermann (3.0.2)
      ruby2_keywords (~> 0.0.1)
    nio4r (2.7.3)
    observer (0.1.2)
    pg (1.5.8)
    pkg-config (1.5.7)
    puma (6.4.2)
      nio4r (~> 2.0)
    raabro (1.4.0)
    rack (3.1.7)
    rack-protection (4.0.0)
      base64 (>= 0.1.0)
      rack (>= 3.0.0, < 4)
    rack-session (2.0.0)
      rack (>= 3.0.0)
    rackup (2.1.0)
      rack (>= 3)
      webrick (~> 1.8)
    rmagick (6.0.1)
      observer (~> 0.1)
      pkg-config (~> 1.4)
    ruby-filemagic (0.7.3)
    ruby2_keywords (0.0.5)
    rufus-scheduler (3.9.2)
      fugit (~> 1.1, >= 1.11.1)
    sem_version (2.0.1)
    sinatra (4.0.0)
      mustermann (~> 3.0)
      rack (>= 3.0.0, < 4)
      rack-protection (= 4.0.0)
      rack-session (>= 2.0.0, < 3)
      tilt (~> 2.0)
    tilt (2.4.0)
    tzinfo (2.0.6)
      concurrent-ruby (~> 1.0)
    webrick (1.8.1)

PLATFORMS
  aarch64-linux
  arm-linux
  arm64-darwin
  x86-linux
  x86_64-darwin
  x86_64-linux

DEPENDENCIES
  concurrent-ruby
  concurrent-ruby-edge
  concurrent-ruby-ext
  csv
  erb
  pg
  puma
  rackup
  rmagick
  ruby-filemagic
  rufus-scheduler
  sem_version
  sinatra

BUNDLED WITH
   2.5.10
